GEM
  remote: https://rubygems.org/
  specs:
    appraisal (0.5.1)
      bundler
      rake
    bouncy-castle-java (1.5.0146.1)
    diff-lcs (1.2.2)
    jruby-openssl (0.8.2)
      bouncy-castle-java (>= 1.5.0146.1)
    rack (1.4.5)
    rake (10.0.4)
    rspec (2.13.0)
      rspec-core (~> 2.13.0)
      rspec-expectations (~> 2.13.0)
      rspec-mocks (~> 2.13.0)
    rspec-core (2.13.1)
    rspec-expectations (2.13.0)
      diff-lcs (>= 1.1.3, < 2.0)
    rspec-mocks (2.13.0)

PLATFORMS
  java

DEPENDENCIES
  appraisal
  jruby-openssl
  rack (~> 1.4.5)
  rake
  rspec (~> 2.11)
