GEM
  remote: http://rubygems.org/
  specs:
    appraisal (0.5.1)
      bundler
      rake
    bouncy-castle-java (1.5.0146.1)
    diff-lcs (1.1.3)
    jruby-openssl (0.8.2)
      bouncy-castle-java (>= 1.5.0146.1)
    rack (1.4.2)
    rake (10.0.3)
    rspec (2.12.0)
      rspec-core (~> 2.12.0)
      rspec-expectations (~> 2.12.0)
      rspec-mocks (~> 2.12.0)
    rspec-core (2.12.2)
    rspec-expectations (2.12.1)
      diff-lcs (~> 1.1.3)
    rspec-mocks (2.12.2)

PLATFORMS
  java

DEPENDENCIES
  appraisal
  jruby-openssl
  rack
  rake
  rspec (~> 2.11)
