GEM
  remote: https://rubygems.org/
  specs:
    appraisal (0.5.2)
      bundler
      rake
    bouncy-castle-java (1.5.0147)
    diff-lcs (1.2.4)
    jruby-openssl (0.8.8)
      bouncy-castle-java (>= 1.5.0147)
    rack (1.5.2)
    rake (10.1.0)
    rspec (2.13.0)
      rspec-core (~> 2.13.0)
      rspec-expectations (~> 2.13.0)
      rspec-mocks (~> 2.13.0)
    rspec-core (2.13.1)
    rspec-expectations (2.13.0)
      diff-lcs (>= 1.1.3, < 2.0)
    rspec-mocks (2.13.1)

PLATFORMS
  java
  ruby

DEPENDENCIES
  appraisal
  jruby-openssl (>= 0.8.2)
  rack
  rake
  rspec (~> 2.13.0)
